GIT
  remote: git://github.com/activeadmin/activeadmin.git
  revision: 440e75fad15d3154808f45f22c2958c6f90bcc65
  specs:
    activeadmin (1.0.0.pre4)
      arbre (~> 1.0, >= 1.0.2)
      bourbon
      coffee-rails
      formtastic (~> 3.1)
      formtastic_i18n
      inherited_resources (~> 1.6)
      jquery-rails
      jquery-ui-rails
      kaminari (>= 0.15, < 2.0)
      railties (>= 3.2, < 5.1)
      ransack (~> 1.3)
      sass-rails
      sprockets (< 4.1)

GIT
  remote: git://github.com/activeadmin/inherited_resources.git
  revision: 3efcc730d2390b7f9c7c2bd69a638e92d8137d33
  specs:
    inherited_resources (1.7.0)
      actionpack (>= 3.2, < 5.1)
      has_scope (~> 0.6)
      railties (>= 3.2, < 5.1)
      responders

GIT
  remote: git://github.com/thambley/activeadmin-xls.git
  revision: a5a70018c626d1ad3cde9f763bad3d10fa68867a
  specs:
    activeadmin-xls (1.0.3)
      activeadmin
      spreadsheet

GEM
  remote: https://rubygems.org/
  specs:
    CFPropertyList (2.3.4)
    actioncable (5.0.0.1)
      actionpack (= 5.0.0.1)
      nio4r (~> 1.2)
      websocket-driver (~> 0.6.1)
    actionmailer (5.0.0.1)
      actionpack (= 5.0.0.1)
      actionview (= 5.0.0.1)
      activejob (= 5.0.0.1)
      mail (~> 2.5, >= 2.5.4)
      rails-dom-testing (~> 2.0)
    actionpack (5.0.0.1)
      actionview (= 5.0.0.1)
      activesupport (= 5.0.0.1)
      rack (~> 2.0)
      rack-test (~> 0.6.3)
      rails-dom-testing (~> 2.0)
      rails-html-sanitizer (~> 1.0, >= 1.0.2)
    actionview (5.0.0.1)
      activesupport (= 5.0.0.1)
      builder (~> 3.1)
      erubis (~> 2.7.0)
      rails-dom-testing (~> 2.0)
      rails-html-sanitizer (~> 1.0, >= 1.0.2)
    active_admin_datetimepicker (0.3.0)
      xdan-datetimepicker-rails (~> 2.5.1)
    activejob (5.0.0.1)
      activesupport (= 5.0.0.1)
      globalid (>= 0.3.6)
    activemodel (5.0.0.1)
      activesupport (= 5.0.0.1)
    activerecord (5.0.0.1)
      activemodel (= 5.0.0.1)
      activesupport (= 5.0.0.1)
      arel (~> 7.0)
    activesupport (5.0.0.1)
      concurrent-ruby (~> 1.0, >= 1.0.2)
      i18n (~> 0.7)
      minitest (~> 5.1)
      tzinfo (~> 1.1)
    addressable (2.5.0)
      public_suffix (~> 2.0, >= 2.0.2)
    annotate (2.7.1)
      activerecord (>= 3.2, < 6.0)
      rake (>= 10.4, < 12.0)
    arbre (1.1.1)
      activesupport (>= 3.0.0)
    arel (7.1.4)
    ast (2.3.0)
    autoprefixer-rails (6.5.4)
      execjs
    aws-sdk (2.6.38)
      aws-sdk-resources (= 2.6.38)
    aws-sdk-core (2.6.38)
      aws-sigv4 (~> 1.0)
      jmespath (~> 1.0)
    aws-sdk-resources (2.6.38)
      aws-sdk-core (= 2.6.38)
    aws-sigv4 (1.0.0)
    bcrypt (3.1.11)
    binding_of_caller (0.7.2)
      debug_inspector (>= 0.0.1)
    bootstrap-sass (3.3.7)
      autoprefixer-rails (>= 5.2.1)
      sass (>= 3.3.4)
    bootstrap3-datetimepicker-rails (4.17.43)
      momentjs-rails (>= 2.8.1)
    bourbon (4.2.7)
      sass (~> 3.4)
      thor (~> 0.19)
    browser (2.3.0)
    builder (3.2.2)
    byebug (9.0.6)
    capybara (2.7.1)
      addressable
      mime-types (>= 1.16)
      nokogiri (>= 1.3.3)
      rack (>= 1.0.0)
      rack-test (>= 0.5.4)
      xpath (~> 2.0)
    capybara-email (2.5.0)
      capybara (~> 2.4)
      mail
    capybara-screenshot (1.0.14)
      capybara (>= 1.0, < 3)
      launchy
    capybara-webkit (1.11.1)
      capybara (>= 2.3.0, < 2.8.0)
      json
    carrierwave (0.11.2)
      activemodel (>= 3.2.0)
      activesupport (>= 3.2.0)
      json (>= 1.7)
      mime-types (>= 1.16)
      mimemagic (>= 0.3.0)
    celluloid (0.17.3)
      celluloid-essentials
      celluloid-extras
      celluloid-fsm
      celluloid-pool
      celluloid-supervision
      timers (>= 4.1.1)
    celluloid-essentials (0.20.5)
      timers (>= 4.1.1)
    celluloid-extras (0.20.5)
      timers (>= 4.1.1)
    celluloid-fsm (0.20.5)
      timers (>= 4.1.1)
    celluloid-pool (0.20.5)
      timers (>= 4.1.1)
    celluloid-supervision (0.20.6)
      timers (>= 4.1.1)
    choice (0.2.0)
    climate_control (0.0.3)
      activesupport (>= 3.0)
    cocaine (0.5.8)
      climate_control (>= 0.0.3, < 1.0)
    cocoon (1.2.9)
    coderay (1.1.1)
    coffee-rails (4.2.1)
      coffee-script (>= 2.2.0)
      railties (>= 4.0.0, < 5.2.x)
    coffee-script (2.4.1)
      coffee-script-source
      execjs
    coffee-script-source (1.10.0)
    colored (1.2)
    concurrent-ruby (1.0.2)
    connection_pool (2.2.1)
    countries (2.0.5)
      i18n_data (~> 0.7.0)
      money (~> 6.7)
      unicode_utils (~> 1.4)
    country_select (3.0.0)
      countries (~> 2.0)
      sort_alphabetical (~> 1.0)
    crass (1.0.2)
    database_cleaner (1.5.3)
    debug_inspector (0.0.2)
    devise (4.2.0)
      bcrypt (~> 3.0)
      orm_adapter (~> 0.1)
      railties (>= 4.1.0, < 5.1)
      responders
      warden (~> 1.2.3)
    diff-lcs (1.2.5)
    docile (1.1.5)
    docker-api (1.33.0)
      excon (>= 0.38.0)
      json
    erubis (2.7.0)
    excon (0.54.0)
    execjs (2.7.0)
    factory_girl (4.7.0)
      activesupport (>= 3.0.0)
    factory_girl_rails (4.7.0)
      factory_girl (~> 4.7.0)
      railties (>= 3.0.0)
    faraday (0.10.0)
      multipart-post (>= 1.2, < 3)
    fast_blank (1.0.0)
    ffaker (2.3.0)
    ffi (1.9.14)
    figaro (1.1.1)
      thor (~> 0.14)
    fission (0.5.0)
      CFPropertyList (~> 2.2)
    fog (1.35.0)
      fog-aliyun
      fog-atmos
      fog-aws (>= 0.6.0)
      fog-brightbox (~> 0.4)
      fog-core (~> 1.32)
      fog-dynect (~> 0.0.2)
      fog-ecloud (~> 0.1)
      fog-google (>= 0.1.1)
      fog-json
      fog-local
      fog-powerdns (>= 0.1.1)
      fog-profitbricks
      fog-radosgw (>= 0.0.2)
      fog-riakcs
      fog-sakuracloud (>= 0.0.4)
      fog-serverlove
      fog-softlayer
      fog-storm_on_demand
      fog-terremark
      fog-vmfusion
      fog-voxel
      fog-xenserver
      fog-xml (~> 0.1.1)
      ipaddress (~> 0.5)
      nokogiri
    fog-aliyun (0.1.0)
      fog-core (~> 1.27)
      fog-json (~> 1.0)
      ipaddress (~> 0.8)
      xml-simple (~> 1.1)
    fog-atmos (0.1.0)
      fog-core
      fog-xml
    fog-aws (1.0.0)
      fog-core (~> 1.38)
      fog-json (~> 1.0)
      fog-xml (~> 0.1)
      ipaddress (~> 0.8)
    fog-brightbox (0.11.0)
      fog-core (~> 1.22)
      fog-json
      inflecto (~> 0.0.2)
    fog-core (1.43.0)
      builder
      excon (~> 0.49)
      formatador (~> 0.2)
    fog-dynect (0.0.3)
      fog-core
      fog-json
      fog-xml
    fog-ecloud (0.3.0)
      fog-core
      fog-xml
    fog-google (0.4.2)
      fog-core
      fog-json
      fog-xml
    fog-json (1.0.2)
      fog-core (~> 1.0)
      multi_json (~> 1.10)
    fog-local (0.3.1)
      fog-core (~> 1.27)
    fog-powerdns (0.1.1)
      fog-core (~> 1.27)
      fog-json (~> 1.0)
      fog-xml (~> 0.1)
    fog-profitbricks (3.0.0)
      fog-core (~> 1.42)
      fog-json (~> 1.0)
    fog-radosgw (0.0.5)
      fog-core (>= 1.21.0)
      fog-json
      fog-xml (>= 0.0.1)
    fog-riakcs (0.1.0)
      fog-core
      fog-json
      fog-xml
    fog-sakuracloud (1.7.5)
      fog-core
      fog-json
    fog-serverlove (0.1.2)
      fog-core
      fog-json
    fog-softlayer (1.1.4)
      fog-core
      fog-json
    fog-storm_on_demand (0.1.1)
      fog-core
      fog-json
    fog-terremark (0.1.0)
      fog-core
      fog-xml
    fog-vmfusion (0.1.0)
      fission
      fog-core
    fog-voxel (0.1.0)
      fog-core
      fog-xml
    fog-xenserver (0.2.3)
      fog-core
      fog-xml
    fog-xml (0.1.2)
      fog-core
      nokogiri (~> 1.5, >= 1.5.11)
    font-awesome-rails (4.7.0.1)
      railties (>= 3.2, < 5.1)
    formatador (0.2.5)
    formtastic (3.1.4)
      actionpack (>= 3.2.13)
    formtastic_i18n (0.6.0)
    friendly_id (5.1.0)
      activerecord (>= 4.0.0)
    get_process_mem (0.2.1)
    gibbon (2.2.4)
      faraday (>= 0.9.1)
      multi_json (>= 1.11.0)
    globalid (0.3.7)
      activesupport (>= 4.1.0)
    gon (6.1.0)
      actionpack (>= 3.0)
      json
      multi_json
      request_store (>= 1.0)
    groupdate (3.1.1)
      activesupport (>= 3)
    guard (2.14.0)
      formatador (>= 0.2.4)
      listen (>= 2.7, < 4.0)
      lumberjack (~> 1.0)
      nenv (~> 0.1)
      notiffany (~> 0.0)
      pry (>= 0.9.12)
      shellany (~> 0.0)
      thor (>= 0.18.1)
    has_scope (0.7.0)
      actionpack (>= 4.1, < 5.1)
      activesupport (>= 4.1, < 5.1)
    high_voltage (3.0.0)
    hitimes (1.2.4)
    httparty (0.14.0)
      multi_xml (>= 0.5.2)
    i18n (0.7.0)
    i18n_data (0.7.0)
    ice_cube (0.14.0)
    include_media_rails (1.4.8.2)
      railties (>= 3.1, < 6)
      sass (>= 3.3, < 4)
    inflecto (0.0.2)
    inline_svg (0.11.1)
      activesupport (>= 4.0)
      loofah (>= 2.0)
      nokogiri (~> 1.6)
    ipaddress (0.8.3)
    jmespath (1.3.1)
    jquery-rails (4.2.1)
      rails-dom-testing (>= 1, < 3)
      railties (>= 4.2.0)
      thor (>= 0.14, < 2.0)
    jquery-turbolinks (2.1.0)
      railties (>= 3.1.0)
      turbolinks
    jquery-ui-rails (6.0.1)
      railties (>= 3.2.16)
    json (1.8.3)
    kaminari (0.17.0)
      actionpack (>= 3.0.0)
      activesupport (>= 3.0.0)
    launchy (2.4.3)
      addressable (~> 2.3)
    libv8 (3.16.14.17)
    listen (3.1.5)
      rb-fsevent (~> 0.9, >= 0.9.4)
      rb-inotify (~> 0.9, >= 0.9.7)
      ruby_dep (~> 1.2)
    lodash-rails (4.17.2)
      railties (>= 3.1)
    loofah (2.0.3)
      nokogiri (>= 1.5.9)
    lumberjack (1.0.10)
    mail (2.6.4)
      mime-types (>= 1.16, < 4)
    mandrill-api (1.0.53)
      excon (>= 0.16.0, < 1.0)
      json (>= 1.7.7, < 2.0)
    method_source (0.8.2)
    mime-types (3.1)
      mime-types-data (~> 3.2015)
    mime-types-data (3.2016.0521)
    mimemagic (0.3.2)
    mini_portile2 (2.1.0)
    minitest (5.10.1)
    momentjs-rails (2.15.1)
      railties (>= 3.1)
    money (6.7.1)
      i18n (>= 0.6.4, <= 0.7.0)
      sixarm_ruby_unaccent (>= 1.1.1, < 2)
    multi_json (1.12.1)
    multi_xml (0.6.0)
    multipart-post (2.0.0)
    nenv (0.3.0)
    net-ssh (3.2.0)
    nio4r (1.2.1)
    nokogiri (1.6.8.1)
      mini_portile2 (~> 2.1.0)
    nokogumbo (1.4.10)
      nokogiri
    notiffany (0.1.1)
      nenv (~> 0.1)
      shellany (~> 0.0)
    orm_adapter (0.5.0)
    paper_trail (6.0.2)
      activerecord (>= 4.0, < 5.2)
      request_store (~> 1.1)
    paperclip (5.0.0)
      activemodel (>= 4.2.0)
      activesupport (>= 4.2.0)
      cocaine (~> 0.5.5)
      mime-types
      mimemagic (~> 0.3.0)
    parser (2.3.3.1)
      ast (~> 2.2)
    pg (0.19.0)
    polyamorous (1.3.1)
      activerecord (>= 3.0)
    powerpack (0.1.1)
    pry (0.10.4)
      coderay (~> 1.1.0)
      method_source (~> 0.8.1)
      slop (~> 3.4)
    public_suffix (2.0.4)
    puma (3.6.2)
    puma_worker_killer (0.0.7)
      get_process_mem (~> 0.2)
      puma (>= 2.7, < 4)
    pundit (1.1.0)
      activesupport (>= 3.0.0)
    rack (2.0.1)
    rack-protection (1.5.3)
      rack
    rack-test (0.6.3)
      rack (>= 1.0)
    railroady (1.5.2)
    rails (5.0.0.1)
      actioncable (= 5.0.0.1)
      actionmailer (= 5.0.0.1)
      actionpack (= 5.0.0.1)
      actionview (= 5.0.0.1)
      activejob (= 5.0.0.1)
      activemodel (= 5.0.0.1)
      activerecord (= 5.0.0.1)
      activesupport (= 5.0.0.1)
      bundler (>= 1.3.0, < 2.0)
      railties (= 5.0.0.1)
      sprockets-rails (>= 2.0.0)
    rails-controller-testing (0.0.3)
      rails (>= 4.2)
    rails-dom-testing (2.0.1)
      activesupport (>= 4.2.0, < 6.0)
      nokogiri (~> 1.6.0)
    rails-erd (1.5.0)
      activerecord (>= 3.2)
      activesupport (>= 3.2)
      choice (~> 0.2.0)
      ruby-graphviz (~> 1.2)
    rails-footnotes (4.1.8)
      rails (>= 3.2)
    rails-html-sanitizer (1.0.3)
      loofah (~> 2.0)
    rails_12factor (0.0.3)
      rails_serve_static_assets
      rails_stdout_logging
    rails_serve_static_assets (0.0.5)
    rails_stdout_logging (0.0.5)
    railties (5.0.0.1)
      actionpack (= 5.0.0.1)
      activesupport (= 5.0.0.1)
      method_source
      rake (>= 0.8.7)
      thor (>= 0.18.1, < 2.0)
    rainbow (2.1.0)
    rake (11.3.0)
    ransack (1.8.2)
      actionpack (>= 3.0)
      activerecord (>= 3.0)
      activesupport (>= 3.0)
      i18n
      polyamorous (~> 1.3)
    rb-fsevent (0.9.8)
    rb-inotify (0.9.7)
      ffi (>= 0.5.0)
    rdoc (4.3.0)
    redcarpet (3.3.4)
    redis (3.3.2)
    ref (2.0.0)
    request_store (1.3.1)
    responders (2.3.0)
      railties (>= 4.2.0, < 5.1)
    rorvswild (0.3.5)
    rouge (2.0.7)
    rspec-core (3.5.4)
      rspec-support (~> 3.5.0)
    rspec-expectations (3.5.0)
      diff-lcs (>= 1.2.0, < 2.0)
      rspec-support (~> 3.5.0)
    rspec-kickstarter (1.0.2)
    rspec-mocks (3.5.0)
      diff-lcs (>= 1.2.0, < 2.0)
      rspec-support (~> 3.5.0)
    rspec-rails (3.5.2)
      actionpack (>= 3.0)
      activesupport (>= 3.0)
      railties (>= 3.0)
      rspec-core (~> 3.5.0)
      rspec-expectations (~> 3.5.0)
      rspec-mocks (~> 3.5.0)
      rspec-support (~> 3.5.0)
    rspec-support (3.5.0)
    rubocop (0.46.0)
      parser (>= 2.3.1.1, < 3.0)
      powerpack (~> 0.1)
      rainbow (>= 1.99.1, < 3.0)
      ruby-progressbar (~> 1.7)
      unicode-display_width (~> 1.0, >= 1.0.1)
    ruby-graphviz (1.2.2)
    ruby-ole (1.2.12)
    ruby-progressbar (1.8.1)
    ruby2ruby (2.3.2)
      ruby_parser (~> 3.1)
      sexp_processor (~> 4.6)
    ruby_dep (1.5.0)
    ruby_parser (3.8.3)
      sexp_processor (~> 4.1)
    sanitize (4.4.0)
      crass (~> 1.0.2)
      nokogiri (>= 1.4.4)
      nokogumbo (~> 1.4.1)
    sass (3.4.22)
    sass-rails (5.0.6)
      railties (>= 4.0.0, < 6)
      sass (~> 3.1)
      sprockets (>= 2.8, < 4.0)
      sprockets-rails (>= 2.0, < 4.0)
      tilt (>= 1.1, < 3)
    scenic (1.3.0)
      activerecord (>= 4.0.0)
      railties (>= 4.0.0)
    scss_lint (0.51.0)
      rake (>= 0.9, < 13)
      sass (~> 3.4.20)
    sdoc (0.4.2)
      json (~> 1.7, >= 1.7.7)
      rdoc (~> 4.0)
    seed_dump (3.2.4)
      activerecord (>= 4)
      activesupport (>= 4)
    sexp_processor (4.7.0)
    shellany (0.0.1)
    shog (0.1.8)
      colored (~> 1.2)
      rails (>= 4.0.0)
    shoulda (3.5.0)
      shoulda-context (~> 1.0, >= 1.0.1)
      shoulda-matchers (>= 1.4.1, < 3.0)
    shoulda-context (1.2.2)
    shoulda-matchers (2.8.0)
      activesupport (>= 3.0.0)
    sidekiq (4.2.7)
      concurrent-ruby (~> 1.0)
      connection_pool (~> 2.2, >= 2.2.0)
      rack-protection (>= 1.5.0)
      redis (~> 3.2, >= 3.2.1)
    sidekiq-statistic (1.2.0)
      sidekiq (>= 3.3.4, < 5)
    sidetiq (0.7.2)
      celluloid (>= 0.17.3)
      ice_cube (~> 0.14.0)
      sidekiq (>= 4.1.0)
    simple_enum (2.3.0)
      activesupport (>= 4.0.0)
    simple_form (3.3.1)
      actionpack (> 4, < 5.1)
      activemodel (> 4, < 5.1)
    simplecov (0.12.0)
      docile (~> 1.1.0)
      json (>= 1.8, < 3)
      simplecov-html (~> 0.10.0)
    simplecov-html (0.10.0)
    sinatra (1.0)
      rack (>= 1.0)
    sixarm_ruby_unaccent (1.1.1)
    skylight (1.0.1)
      activesupport (>= 3.0.0)
    slop (3.6.0)
    sort_alphabetical (1.1.0)
      unicode_utils (>= 1.2.2)
    spreadsheet (1.1.4)
      ruby-ole (>= 1.0)
    spring (2.0.0)
      activesupport (>= 4.2)
    sprockets (3.7.0)
      concurrent-ruby (~> 1.0)
      rack (> 1, < 3)
    sprockets-rails (3.2.0)
      actionpack (>= 4.0)
      activesupport (>= 4.0)
      sprockets (>= 3.0.0)
    table_print (1.5.6)
    therubyracer (0.12.2)
      libv8 (~> 3.16.14.0)
      ref
    thor (0.19.4)
    thread_safe (0.3.5)
    tilt (2.0.5)
    timecop (0.8.1)
    timers (4.1.2)
      hitimes
    to_factory (2.1.0)
      activerecord (> 4.0)
      factory_girl (~> 4.5)
      ruby2ruby
    traceroute (0.5.0)
      rails (>= 3.0.0)
    turbolinks (5.0.1)
      turbolinks-source (~> 5)
    turbolinks-source (5.0.0)
    tzinfo (1.2.2)
      thread_safe (~> 0.1)
    uglifier (3.0.4)
      execjs (>= 0.3.0, < 3)
    unicode-display_width (1.1.2)
    unicode_utils (1.4.0)
    validate_url (1.0.2)
      activemodel (>= 3.0.0)
      addressable
    warden (1.2.6)
      rack (>= 1.0)
    web-console (2.3.0)
      activemodel (>= 4.0)
      binding_of_caller (>= 0.7.2)
      railties (>= 4.0)
      sprockets-rails (>= 2.0, < 4.0)
    websocket-driver (0.6.4)
      websocket-extensions (>= 0.1.0)
    websocket-extensions (0.1.2)
    xdan-datetimepicker-rails (2.5.4)
      jquery-rails
      rails (>= 3.2.16)
    xml-simple (1.1.5)
    xpath (2.0.0)
      nokogiri (~> 1.3)

PLATFORMS
  ruby

DEPENDENCIES
  active_admin_datetimepicker
  activeadmin!
  activeadmin-xls!
  annotate
  aws-sdk (~> 2.2)
  bootstrap-sass
  bootstrap3-datetimepicker-rails (~> 4.17.42)
  browser
  byebug
  capybara
  capybara-email
  capybara-screenshot
  capybara-webkit
  carrierwave
  cocoon
  coffee-rails
  country_select
  database_cleaner
  devise
  docker-api
  excon
  factory_girl_rails
  fast_blank
  ffaker
  figaro
  fog (= 1.35.0)
  font-awesome-rails
  friendly_id (~> 5.1.0)
  gibbon
  gon
  groupdate
  guard
  high_voltage
  httparty
  include_media_rails
  inherited_resources!
  inline_svg
  jquery-rails
  jquery-turbolinks
  jquery-ui-rails
  kaminari
  launchy
  lodash-rails
  mandrill-api
  momentjs-rails (~> 2.9)
  net-ssh
  paper_trail
  paperclip (~> 5.0.0)
  pg
  puma
  puma_worker_killer
  pundit
  railroady
  rails (= 5.0.0.1)
  rails-controller-testing
  rails-erd
  rails-footnotes (>= 4.0.0, < 5)
  rails_12factor
  ransack
  redcarpet
  rorvswild
  rouge
  rspec-kickstarter
  rspec-rails (~> 3.5)
  rubocop
  sanitize
  sass-rails (~> 5.0)
  scenic (~> 1.3)
  scss_lint
  sdoc (~> 0.4.0)
  seed_dump
  shog
  shoulda
  shoulda-matchers
  sidekiq
  sidekiq-statistic
  sidetiq
  simple_enum
  simple_form
  simplecov
  sinatra
  skylight
  spring
  table_print
  therubyracer
  timecop
  to_factory
  traceroute
  turbolinks
  uglifier (>= 1.3.0)
  validate_url
  web-console (~> 2.0)

RUBY VERSION
   ruby 2.3.1p112

BUNDLED WITH
   1.13.6
